GEM
  remote: https://rubygems.org/
  specs:
    crack (0.4.3)
      safe_yaml (~> 1.0.0)
    faraday (0.12.1)
      multipart-post (>= 1.2, < 3)
    faraday_middleware (0.11.0.1)
      faraday (>= 0.7.4, < 1.0)
    hashie (3.5.5)
    httparty (0.15.5)
      multi_xml (>= 0.5.2)
    json (2.1.0)
    multi_xml (0.6.0)
    multipart-post (2.0.0)
    restforce (2.5.3)
      faraday (>= 0.9.0, <= 1.0)
      faraday_middleware (>= 0.8.8, <= 1.0)
      hashie (>= 1.2.0, < 4.0)
      json (>= 1.7.5)
    ruby-pardot (1.1.0)
      crack
      httparty
    safe_yaml (1.0.4)

PLATFORMS
  x86-mingw32

DEPENDENCIES
  restforce (~> 2.5.3)
  ruby-pardot

BUNDLED WITH
   1.15.0
